GEM
  remote: https://rubygems.org/
  specs:
    commander-openflighthpc (1.1.0)
      highline (~> 1.7.2)
      paint (~> 2.1.0)
    flight_config (0.1.0)
      tty-config
    highline (1.7.10)
    paint (2.1.0)
    tty-config (0.3.1)

PLATFORMS
  ruby

DEPENDENCIES
  commander-openflighthpc
  flight_config

BUNDLED WITH
   1.16.6
