GEM
  remote: https://rubygems.org/
  specs:
    activesupport (5.2.3)
      concurrent-ruby (~> 1.0, >= 1.0.2)
      i18n (>= 0.7, < 2)
      minitest (~> 5.1)
      tzinfo (~> 1.1)
    byebug (11.0.1)
    coderay (1.1.2)
    commander-openflighthpc (1.1.0)
      highline (~> 1.7.2)
      paint (~> 2.1.0)
    concurrent-ruby (1.1.5)
    flight_config (0.1.0)
      tty-config
    highline (1.7.10)
    i18n (1.6.0)
      concurrent-ruby (~> 1.0)
    method_source (0.9.2)
    minitest (5.11.3)
    paint (2.1.0)
    pp (0.1.1)
    pry (0.12.2)
      coderay (~> 1.1.0)
      method_source (~> 0.9.0)
    pry-byebug (3.7.0)
      byebug (~> 11.0)
      pry (~> 0.10)
    thread_safe (0.3.6)
    tty-config (0.3.1)
    tzinfo (1.2.5)
      thread_safe (~> 0.1)

PLATFORMS
  ruby

DEPENDENCIES
  activesupport
  commander-openflighthpc
  flight_config
  pp
  pry
  pry-byebug

BUNDLED WITH
   1.16.6
