GEM
  remote: https://rubygems.org/
  specs:
    activesupport (7.0.4.3)
      concurrent-ruby (~> 1.0, >= 1.0.2)
      i18n (>= 1.6, < 2)
      minitest (>= 5.1)
      tzinfo (~> 2.0)
    byebug (11.0.1)
    coderay (1.1.2)
    commander-openflighthpc (1.1.2)
      highline (~> 1.7.2)
      paint (~> 2.1.0)
    concurrent-ruby (1.2.2)
    equatable (0.5.0)
    flight_config (0.2.0)
      tty-config
    flight_manifest (0.1.2)
      hashie
    hashie (3.6.0)
    highline (1.7.10)
    i18n (1.12.0)
      concurrent-ruby (~> 1.0)
    kramdown (1.16.2)
    method_source (0.9.2)
    minitest (5.18.0)
    necromancer (0.4.0)
    paint (2.1.1)
    parallel (1.17.0)
    pastel (0.7.2)
      equatable (~> 0.5.0)
      tty-color (~> 0.4.0)
    pp (0.4.0)
      prettyprint
    prettyprint (0.1.1)
    pry (0.12.2)
      coderay (~> 1.1.0)
      method_source (~> 0.9.0)
    pry-byebug (3.7.0)
      byebug (~> 11.0)
      pry (~> 0.10)
    rouge (3.1.1)
    rubyzip (1.2.2)
    strings (0.1.1)
      unicode-display_width (~> 1.3.0)
      unicode_utils (~> 1.4.0)
    timers (4.3.0)
    tty-color (0.4.3)
    tty-config (0.3.2)
    tty-cursor (0.6.1)
    tty-editor (0.5.0)
      tty-prompt (~> 0.18)
      tty-which (~> 0.4)
    tty-markdown (0.4.0)
      kramdown (~> 1.16.2)
      pastel (~> 0.7.2)
      rouge (~> 3.1.0)
      strings (~> 0.1.0)
      tty-color (~> 0.4.2)
      tty-screen (~> 0.6.4)
    tty-prompt (0.18.1)
      necromancer (~> 0.4.0)
      pastel (~> 0.7.0)
      timers (~> 4.0)
      tty-cursor (~> 0.6.0)
      tty-reader (~> 0.5.0)
    tty-reader (0.5.0)
      tty-cursor (~> 0.6.0)
      tty-screen (~> 0.6.4)
      wisper (~> 2.0.0)
    tty-screen (0.6.5)
    tty-which (0.4.0)
    tzinfo (2.0.6)
      concurrent-ruby (~> 1.0)
    unicode-display_width (1.3.3)
    unicode_utils (1.4.0)
    wisper (2.0.0)

PLATFORMS
  ruby

DEPENDENCIES
  activesupport
  commander-openflighthpc
  flight_config (= 0.2.0)
  flight_manifest (= 0.1.2)
  hashie
  highline
  parallel
  pp
  pry
  pry-byebug
  rubyzip
  tty-editor
  tty-markdown

BUNDLED WITH
   1.17.3
