GIT
  remote: https://github.com/alces-software/ruby-pcap
  revision: 966ce3739d7c91c15032b3a85095c7400565841f
  specs:
    pcap (0.7.8)

GEM
  remote: https://rubygems.org/
  specs:
    activesupport (5.2.3)
      concurrent-ruby (~> 1.0, >= 1.0.2)
      i18n (>= 0.7, < 2)
      minitest (~> 5.1)
      tzinfo (~> 1.1)
    byebug (11.0.1)
    coderay (1.1.2)
    commander-openflighthpc (1.1.0)
      highline (~> 1.7.2)
      paint (~> 2.1.0)
    concurrent-ruby (1.1.5)
    flight_config (0.1.0)
      tty-config
    hashie (3.6.0)
    highline (1.7.10)
    i18n (1.6.0)
      concurrent-ruby (~> 1.0)
    method_source (0.9.2)
    minitest (5.11.3)
    net-dhcp (1.3.3)
    paint (2.1.0)
    pp (0.1.1)
    pry (0.12.2)
      coderay (~> 1.1.0)
      method_source (~> 0.9.0)
    pry-byebug (3.7.0)
      byebug (~> 11.0)
      pry (~> 0.10)
    rubyzip (1.2.2)
    thread_safe (0.3.6)
    tty-config (0.3.1)
    tzinfo (1.2.5)
      thread_safe (~> 0.1)

PLATFORMS
  ruby

DEPENDENCIES
  activesupport
  commander-openflighthpc
  flight_config
  hashie
  highline
  net-dhcp
  pcap!
  pp
  pry
  pry-byebug
  rubyzip

BUNDLED WITH
   1.17.3
